GEM
  remote: https://rubygems.org/
  specs:
    addressable (2.3.5)
    coderay (0.8.357)
    curb (0.8.8)
    faraday (0.8.8)
      multipart-post (~> 1.2.0)
    faraday_middleware (0.9.0)
      faraday (>= 0.7.4, < 0.9)
    hashie (1.2.0)
    json (1.8.3)
    mime-types (1.23)
    multi_json (1.7.7)
    multipart-post (1.2.0)
    mustache (0.11.2)
    oauth2 (0.5.2)
      faraday (~> 0.7)
      multi_json (~> 1.0)
    octokit (1.13.0)
      addressable (~> 2.2)
      faraday (~> 0.8)
      faraday_middleware (~> 0.8)
      hashie (~> 1.2)
      multi_json (~> 1.3)
    pg (0.16.0)
    rack (1.5.2)
    rack-protection (1.5.0)
      rack
    redis (3.0.4)
    rest-client (1.6.7)
      mime-types (>= 1.16)
    shotgun (0.9)
      rack (>= 1.0)
    sinatra (1.4.3)
      rack (~> 1.4)
      rack-protection (~> 1.4)
      tilt (~> 1.3, >= 1.3.4)
    sinatra_auth_github (0.10.1)
      sinatra (~> 1.0)
      warden-github (~> 0.10.2)
    tilt (1.4.1)
    warden (1.2.3)
      rack (>= 1.0)
    warden-github (0.10.2)
      json (~> 1.5)
      oauth2 (~> 0.5.2)
      octokit (~> 1.13.0)
      rest-client (~> 1.6.1)
      warden (~> 1.0)
      yajl-ruby (~> 1.1)
    yajl-ruby (1.1.0)

PLATFORMS
  ruby

DEPENDENCIES
  coderay (~> 0.8.357)
  curb (~> 0.8.8)
  json (~> 1.8.1)
  mustache (~> 0.11.2)
  pg
  redis
  shotgun
  sinatra (~> 1.0)
  sinatra_auth_github (~> 0.10.0)
  yajl-ruby (~> 1.1.0)

BUNDLED WITH
   1.10.6
